GEM
  remote: https://rubygems.org/
  specs:
    RubyDataStructures (1.1.0)
    activemodel (5.2.3)
      activesupport (= 5.2.3)
    activerecord (5.2.3)
      activemodel (= 5.2.3)
      activesupport (= 5.2.3)
      arel (>= 9.0)
    activesupport (5.2.3)
      concurrent-ruby (~> 1.0, >= 1.0.2)
      i18n (>= 0.7, < 2)
      minitest (~> 5.1)
      tzinfo (~> 1.1)
    arel (9.0.0)
    binding_of_caller (0.8.0)
      debug_inspector (>= 0.0.1)
    catpix (0.2.0)
      docopt (~> 0.5, >= 0.5.0)
      rmagick (~> 2.15, >= 2.15.2)
      ruby-terminfo (~> 0.1, >= 0.1.1)
      tco (~> 0.1, >= 0.1.8)
    coderay (1.1.2)
    colorize (0.8.1)
    concurrent-ruby (1.1.5)
    debug_inspector (0.0.3)
    docopt (0.6.1)
    domain_name (0.5.20190701)
      unf (>= 0.0.5, < 1.0.0)
    equatable (0.6.1)
    faker (1.9.6)
      i18n (>= 0.7)
    http-cookie (1.0.3)
      domain_name (~> 0.5)
    i18n (1.6.0)
      concurrent-ruby (~> 1.0)
    interception (0.5)
    json (2.2.0)
    method_source (0.9.2)
    mime-types (3.2.2)
      mime-types-data (~> 3.2015)
    mime-types-data (3.2019.0331)
    minitest (5.11.3)
    mustermann (1.0.3)
    necromancer (0.5.0)
    netrc (0.11.0)
    pastel (0.7.3)
      equatable (~> 0.6)
      tty-color (~> 0.5)
    pry (0.12.2)
      coderay (~> 1.1.0)
      method_source (~> 0.9.0)
    pry-nav (0.3.0)
      pry (>= 0.9.10, < 0.13.0)
    pry-rescue (1.5.0)
      interception (>= 0.5)
      pry (>= 0.12.0)
    pry-stack_explorer (0.4.9.3)
      binding_of_caller (>= 0.7)
      pry (>= 0.9.11)
    rack (2.0.7)
    rack-protection (2.0.5)
      rack
    require_all (2.0.0)
    rest-client (2.0.2)
      http-cookie (>= 1.0.2, < 2.0)
      mime-types (>= 1.16, < 4.0)
      netrc (~> 0.8)
    rmagick (2.16.0)
    ruby-terminfo (0.1.1)
    sinatra (2.0.5)
      mustermann (~> 1.0)
      rack (~> 2.0)
      rack-protection (= 2.0.5)
      tilt (~> 2.0)
    sinatra-activerecord (2.0.13)
      activerecord (>= 3.2)
      sinatra (>= 1.0)
    sqlite3 (1.4.1)
    tco (0.1.8)
    thread_safe (0.3.6)
    tilt (2.0.9)
    tty-color (0.5.0)
    tty-cursor (0.7.0)
    tty-prompt (0.19.0)
      necromancer (~> 0.5.0)
      pastel (~> 0.7.0)
      tty-reader (~> 0.6.0)
    tty-reader (0.6.0)
      tty-cursor (~> 0.7)
      tty-screen (~> 0.7)
      wisper (~> 2.0.0)
    tty-screen (0.7.0)
    tzinfo (1.2.5)
      thread_safe (~> 0.1)
    unf (0.1.4)
      unf_ext
    unf_ext (0.0.7.6)
    wisper (2.0.0)

PLATFORMS
  ruby

DEPENDENCIES
  RubyDataStructures
  catpix
  colorize
  docopt
  faker
  json
  pry
  pry-nav
  pry-rescue
  pry-stack_explorer
  require_all
  rest-client
  rmagick
  ruby-terminfo
  sinatra-activerecord
  sqlite3
  tco
  tty-prompt

BUNDLED WITH
   2.0.2
